GEM
  remote: http://rubygems.org/
  specs:
    rack (1.4.1)
    rack-contrib (2.5.0)
      rack (< 4)
    rack-rewrite (1.2.1)

PLATFORMS
  ruby

DEPENDENCIES
  rack
  rack-contrib
  rack-rewrite
